PATH
  remote: .
  specs:
    hash_mapper (0.0.1)

GEM
  remote: http://rubygems.org/
  specs:
    activesupport (3.0.0)
    diff-lcs (1.1.2)
    mocha (0.9.8)
      rake
    rake (0.8.7)
    rspec (2.0.0.rc)
      rspec-core (= 2.0.0.rc)
      rspec-expectations (= 2.0.0.rc)
      rspec-mocks (= 2.0.0.rc)
    rspec-core (2.0.0.rc)
    rspec-expectations (2.0.0.rc)
      diff-lcs (>= 1.1.2)
    rspec-mocks (2.0.0.rc)
      rspec-core (= 2.0.0.rc)
      rspec-expectations (= 2.0.0.rc)

PLATFORMS
  ruby

DEPENDENCIES
  activesupport (>= 3.0.0)
  bundler (>= 1.0.0)
  hash_mapper!
  mocha (>= 0.9.8)
  rspec (>= 2.0.0.rc)
