PATH
  remote: .
  specs:
    hash_mapper (0.0.1)

GEM
  remote: http://rubygems.org/
  specs:
    activesupport (3.0.0)
    mocha (0.9.8)
      rake
    rake (0.8.7)
    rspec-core (2.0.0)

PLATFORMS
  ruby

DEPENDENCIES
  activesupport (>= 3.0.0)
  bundler (>= 1.0.0)
  hash_mapper!
  mocha (>= 0.9.8)
  rspec-core (>= 2.0.0)
